FRAMEWORK: NET451
NUGET
  remote: https://www.nuget.org/api/v2
    Libuv (1.9)
    Microsoft.AspNetCore.Antiforgery (1.0.1)
      Microsoft.AspNetCore.DataProtection (>= 1.0)
      Microsoft.AspNetCore.Http.Abstractions (>= 1.0)
      Microsoft.AspNetCore.WebUtilities (>= 1.0)
      Microsoft.Extensions.ObjectPool (>= 1.0)
    Microsoft.AspNetCore.Authorization (1.0)
      Microsoft.Extensions.Logging.Abstractions (>= 1.0)
      Microsoft.Extensions.Options (>= 1.0)
    Microsoft.AspNetCore.Cors (1.0)
      Microsoft.AspNetCore.Http.Extensions (>= 1.0)
      Microsoft.Extensions.Configuration.Abstractions (>= 1.0)
      Microsoft.Extensions.DependencyInjection.Abstractions (>= 1.0)
      Microsoft.Extensions.Options (>= 1.0)
    Microsoft.AspNetCore.Cryptography.Internal (1.0)
    Microsoft.AspNetCore.DataProtection (1.0)
      Microsoft.AspNetCore.Cryptography.Internal (>= 1.0)
      Microsoft.AspNetCore.DataProtection.Abstractions (>= 1.0)
      Microsoft.AspNetCore.Hosting.Abstractions (>= 1.0)
      Microsoft.Extensions.DependencyInjection.Abstractions (>= 1.0)
      Microsoft.Extensions.Logging.Abstractions (>= 1.0)
      Microsoft.Extensions.Options (>= 1.0)
    Microsoft.AspNetCore.DataProtection.Abstractions (1.0)
    Microsoft.AspNetCore.Diagnostics.Abstractions (1.0)
    Microsoft.AspNetCore.Hosting (1.0)
      Microsoft.AspNetCore.Hosting.Abstractions (>= 1.0)
      Microsoft.AspNetCore.Hosting.Server.Abstractions (>= 1.0)
      Microsoft.AspNetCore.Http (>= 1.0)
      Microsoft.AspNetCore.Http.Extensions (>= 1.0)
      Microsoft.Extensions.Configuration (>= 1.0)
      Microsoft.Extensions.Configuration.EnvironmentVariables (>= 1.0)
      Microsoft.Extensions.DependencyInjection (>= 1.0)
      Microsoft.Extensions.FileProviders.Physical (>= 1.0)
      Microsoft.Extensions.Logging (>= 1.0)
      Microsoft.Extensions.Options (>= 1.0)
      Microsoft.Extensions.PlatformAbstractions (>= 1.0)
      System.Diagnostics.DiagnosticSource (>= 4.0)
      System.Reflection.Metadata (>= 1.3)
      System.Runtime.InteropServices.RuntimeInformation (>= 4.0)
    Microsoft.AspNetCore.Hosting.Abstractions (1.0)
      Microsoft.AspNetCore.Hosting.Server.Abstractions (>= 1.0)
      Microsoft.AspNetCore.Http.Abstractions (>= 1.0)
      Microsoft.Extensions.Configuration.Abstractions (>= 1.0)
      Microsoft.Extensions.DependencyInjection.Abstractions (>= 1.0)
      Microsoft.Extensions.FileProviders.Abstractions (>= 1.0)
      Microsoft.Extensions.Logging.Abstractions (>= 1.0)
    Microsoft.AspNetCore.Hosting.Server.Abstractions (1.0)
      Microsoft.AspNetCore.Http.Features (>= 1.0)
      Microsoft.Extensions.Configuration.Abstractions (>= 1.0)
    Microsoft.AspNetCore.Html.Abstractions (1.0)
    Microsoft.AspNetCore.Http (1.0)
      Microsoft.AspNetCore.Http.Abstractions (>= 1.0)
      Microsoft.AspNetCore.WebUtilities (>= 1.0)
      Microsoft.Extensions.ObjectPool (>= 1.0)
      Microsoft.Extensions.Options (>= 1.0)
      Microsoft.Net.Http.Headers (>= 1.0)
      System.Buffers (>= 4.0)
    Microsoft.AspNetCore.Http.Abstractions (1.0)
      Microsoft.AspNetCore.Http.Features (>= 1.0)
      System.Text.Encodings.Web (>= 4.0)
    Microsoft.AspNetCore.Http.Extensions (1.0)
      Microsoft.AspNetCore.Http.Abstractions (>= 1.0)
      Microsoft.Extensions.FileProviders.Abstractions (>= 1.0)
      Microsoft.Net.Http.Headers (>= 1.0)
      System.Buffers (>= 4.0)
    Microsoft.AspNetCore.Http.Features (1.0)
      Microsoft.Extensions.Primitives (>= 1.0)
    Microsoft.AspNetCore.JsonPatch (1.0)
      Microsoft.CSharp (>= 4.0.1)
      Newtonsoft.Json (>= 9.0.1)
      System.Collections.Concurrent (>= 4.0.12)
      System.ComponentModel.TypeConverter (>= 4.1)
      System.Diagnostics.Debug (>= 4.0.11)
      System.Globalization (>= 4.0.11)
      System.Linq (>= 4.1)
      System.Reflection.Extensions (>= 4.0.1)
      System.Resources.ResourceManager (>= 4.0.1)
      System.Runtime.Extensions (>= 4.1)
      System.Runtime.Serialization.Primitives (>= 4.1.1)
      System.Text.Encoding.Extensions (>= 4.0.11)
    Microsoft.AspNetCore.Localization (1.0)
      Microsoft.AspNetCore.Http.Extensions (>= 1.0)
      Microsoft.Extensions.Globalization.CultureInfoCache (>= 1.0)
      Microsoft.Extensions.Localization.Abstractions (>= 1.0)
      Microsoft.Extensions.Options (>= 1.0)
    Microsoft.AspNetCore.Mvc (1.0.1)
      Microsoft.AspNetCore.Mvc.ApiExplorer (>= 1.0.1)
      Microsoft.AspNetCore.Mvc.Cors (>= 1.0.1)
      Microsoft.AspNetCore.Mvc.DataAnnotations (>= 1.0.1)
      Microsoft.AspNetCore.Mvc.Formatters.Json (>= 1.0.1)
      Microsoft.AspNetCore.Mvc.Localization (>= 1.0.1)
      Microsoft.AspNetCore.Mvc.Razor (>= 1.0.1)
      Microsoft.AspNetCore.Mvc.TagHelpers (>= 1.0.1)
      Microsoft.AspNetCore.Mvc.ViewFeatures (>= 1.0.1)
      Microsoft.Extensions.Caching.Memory (>= 1.0)
      Microsoft.Extensions.DependencyInjection (>= 1.0)
    Microsoft.AspNetCore.Mvc.Abstractions (1.0.1)
      Microsoft.AspNetCore.Routing.Abstractions (>= 1.0)
      Microsoft.Net.Http.Headers (>= 1.0)
    Microsoft.AspNetCore.Mvc.ApiExplorer (1.0.1)
      Microsoft.AspNetCore.Mvc.Core (>= 1.0.1)
    Microsoft.AspNetCore.Mvc.Core (1.0.1)
      Microsoft.AspNetCore.Authorization (>= 1.0)
      Microsoft.AspNetCore.Hosting.Abstractions (>= 1.0)
      Microsoft.AspNetCore.Http (>= 1.0)
      Microsoft.AspNetCore.Mvc.Abstractions (>= 1.0.1)
      Microsoft.AspNetCore.Routing (>= 1.0)
      Microsoft.Extensions.DependencyModel (>= 1.0)
      Microsoft.Extensions.FileProviders.Abstractions (>= 1.0)
      Microsoft.Extensions.Logging.Abstractions (>= 1.0)
      Microsoft.Extensions.PlatformAbstractions (>= 1.0)
      System.Buffers (>= 4.0)
      System.Diagnostics.DiagnosticSource (>= 4.0)
    Microsoft.AspNetCore.Mvc.Cors (1.0.1)
      Microsoft.AspNetCore.Cors (>= 1.0)
      Microsoft.AspNetCore.Mvc.Core (>= 1.0.1)
    Microsoft.AspNetCore.Mvc.DataAnnotations (1.0.1)
      Microsoft.AspNetCore.Mvc.Core (>= 1.0.1)
      Microsoft.Extensions.Localization (>= 1.0)
    Microsoft.AspNetCore.Mvc.Formatters.Json (1.0.1)
      Microsoft.AspNetCore.JsonPatch (>= 1.0)
      Microsoft.AspNetCore.Mvc.Core (>= 1.0.1)
    Microsoft.AspNetCore.Mvc.Localization (1.0.1)
      Microsoft.AspNetCore.Localization (>= 1.0)
      Microsoft.AspNetCore.Mvc.Razor (>= 1.0.1)
      Microsoft.Extensions.DependencyInjection (>= 1.0)
      Microsoft.Extensions.Localization (>= 1.0)
    Microsoft.AspNetCore.Mvc.Razor (1.0.1)
      Microsoft.AspNetCore.Mvc.Razor.Host (>= 1.0.1)
      Microsoft.AspNetCore.Mvc.ViewFeatures (>= 1.0.1)
      Microsoft.CodeAnalysis.CSharp (>= 1.3)
      Microsoft.Extensions.FileProviders.Composite (>= 1.0)
    Microsoft.AspNetCore.Mvc.Razor.Host (1.0.1)
      Microsoft.AspNetCore.Razor.Runtime (>= 1.0)
      Microsoft.Extensions.Caching.Memory (>= 1.0)
      Microsoft.Extensions.FileProviders.Physical (>= 1.0)
    Microsoft.AspNetCore.Mvc.TagHelpers (1.0.1)
      Microsoft.AspNetCore.Mvc.Razor (>= 1.0.1)
      Microsoft.Extensions.Caching.Memory (>= 1.0)
      Microsoft.Extensions.FileSystemGlobbing (>= 1.0)
      Microsoft.Extensions.Primitives (>= 1.0)
    Microsoft.AspNetCore.Mvc.ViewFeatures (1.0.1)
      Microsoft.AspNetCore.Antiforgery (>= 1.0.1)
      Microsoft.AspNetCore.Diagnostics.Abstractions (>= 1.0)
      Microsoft.AspNetCore.Html.Abstractions (>= 1.0)
      Microsoft.AspNetCore.Mvc.Core (>= 1.0.1)
      Microsoft.AspNetCore.Mvc.DataAnnotations (>= 1.0.1)
      Microsoft.AspNetCore.Mvc.Formatters.Json (>= 1.0.1)
      Microsoft.Extensions.WebEncoders (>= 1.0)
      Newtonsoft.Json (>= 9.0.1)
      System.Buffers (>= 4.0)
    Microsoft.AspNetCore.Razor (1.0)
    Microsoft.AspNetCore.Razor.Runtime (1.0)
      Microsoft.AspNetCore.Html.Abstractions (>= 1.0)
      Microsoft.AspNetCore.Razor (>= 1.0)
    Microsoft.AspNetCore.Routing (1.0.1)
      Microsoft.AspNetCore.Http.Extensions (>= 1.0)
      Microsoft.AspNetCore.Routing.Abstractions (>= 1.0.1)
      Microsoft.Extensions.Logging.Abstractions (>= 1.0)
      Microsoft.Extensions.ObjectPool (>= 1.0)
      Microsoft.Extensions.Options (>= 1.0)
    Microsoft.AspNetCore.Routing.Abstractions (1.0.1)
      Microsoft.AspNetCore.Http.Abstractions (>= 1.0)
    Microsoft.AspNetCore.Server.Kestrel (1.0.1)
      Libuv (>= 1.9)
      Microsoft.AspNetCore.Hosting (>= 1.0)
      Microsoft.Extensions.Logging.Abstractions (>= 1.0)
      System.Buffers (>= 4.0)
      System.Numerics.Vectors (>= 4.1.1)
      System.Runtime.InteropServices.RuntimeInformation (>= 4.0)
      System.Threading.Tasks.Extensions (>= 4.0)
    Microsoft.AspNetCore.WebUtilities (1.0)
      Microsoft.Extensions.Primitives (>= 1.0)
      System.Buffers (>= 4.0)
      System.Text.Encodings.Web (>= 4.0)
    Microsoft.CodeAnalysis.Analyzers (1.1)
    Microsoft.CodeAnalysis.Common (1.3.2)
      Microsoft.CodeAnalysis.Analyzers (>= 1.1)
      System.Collections.Immutable (>= 1.1.37)
      System.Reflection.Metadata (>= 1.2)
    Microsoft.CodeAnalysis.CSharp (1.3.2)
      Microsoft.CodeAnalysis.Common (1.3.2)
    Microsoft.CSharp (4.0.1)
    Microsoft.DotNet.InternalAbstractions (1.0)
    Microsoft.Extensions.Caching.Abstractions (1.0)
    Microsoft.Extensions.Caching.Memory (1.0)
      Microsoft.Extensions.Caching.Abstractions (>= 1.0)
      Microsoft.Extensions.DependencyInjection.Abstractions (>= 1.0)
      Microsoft.Extensions.Options (>= 1.0)
    Microsoft.Extensions.Configuration (1.0)
      Microsoft.Extensions.Configuration.Abstractions (>= 1.0)
      System.Collections (>= 4.0.11)
      System.Diagnostics.Debug (>= 4.0.11)
      System.IO (>= 4.1)
      System.Resources.ResourceManager (>= 4.0.1)
      System.Runtime.Extensions (>= 4.1)
      System.Runtime.InteropServices (>= 4.1)
      System.Threading (>= 4.0.11)
    Microsoft.Extensions.Configuration.Abstractions (1.0)
    Microsoft.Extensions.Configuration.EnvironmentVariables (1.0)
      Microsoft.Extensions.Configuration (>= 1.0)
    Microsoft.Extensions.Configuration.FileExtensions (1.0)
      Microsoft.Extensions.Configuration (>= 1.0)
      Microsoft.Extensions.FileProviders.Physical (>= 1.0)
    Microsoft.Extensions.Configuration.Json (1.0)
      Microsoft.Extensions.Configuration (>= 1.0)
      Microsoft.Extensions.Configuration.FileExtensions (>= 1.0)
      Newtonsoft.Json (>= 9.0.1)
    Microsoft.Extensions.DependencyInjection (1.0)
      Microsoft.Extensions.DependencyInjection.Abstractions (>= 1.0)
      System.Collections (>= 4.0.11)
      System.Collections.Concurrent (>= 4.0.12)
      System.Runtime.Extensions (>= 4.1)
      System.Threading (>= 4.0.11)
      System.Threading.Tasks (>= 4.0.11)
    Microsoft.Extensions.DependencyInjection.Abstractions (1.0)
    Microsoft.Extensions.DependencyModel (1.0)
      Microsoft.DotNet.InternalAbstractions (>= 1.0)
      Newtonsoft.Json (>= 9.0.1)
    Microsoft.Extensions.FileProviders.Abstractions (1.0)
    Microsoft.Extensions.FileProviders.Composite (1.0)
    Microsoft.Extensions.FileProviders.Physical (1.0)
      Microsoft.Extensions.FileProviders.Abstractions (>= 1.0)
      Microsoft.Extensions.FileSystemGlobbing (>= 1.0)
    Microsoft.Extensions.FileSystemGlobbing (1.0)
    Microsoft.Extensions.Globalization.CultureInfoCache (1.0)
      System.Collections.Concurrent (>= 4.0.12)
      System.Linq (>= 4.1)
      System.Resources.ResourceManager (>= 4.0.1)
    Microsoft.Extensions.Localization (1.0)
      Microsoft.AspNetCore.Hosting.Abstractions (>= 1.0)
      Microsoft.Extensions.DependencyInjection.Abstractions (>= 1.0)
      Microsoft.Extensions.Localization.Abstractions (>= 1.0)
      Microsoft.Extensions.Options (>= 1.0)
    Microsoft.Extensions.Localization.Abstractions (1.0)
    Microsoft.Extensions.Logging (1.0)
      Microsoft.Extensions.DependencyInjection.Abstractions (>= 1.0)
      Microsoft.Extensions.Logging.Abstractions (>= 1.0)
      System.Threading (>= 4.0.11)
    Microsoft.Extensions.Logging.Abstractions (1.0)
      System.Collections (>= 4.0.11)
      System.Collections.Concurrent (>= 4.0.12)
      System.Diagnostics.Debug (>= 4.0.11)
      System.Globalization (>= 4.0.11)
      System.Linq (>= 4.1)
      System.Reflection (>= 4.1)
      System.Resources.ResourceManager (>= 4.0.1)
      System.Runtime.Extensions (>= 4.1)
      System.Runtime.InteropServices (>= 4.1)
    Microsoft.Extensions.ObjectPool (1.0)
    Microsoft.Extensions.Options (1.0)
    Microsoft.Extensions.PlatformAbstractions (1.0)
    Microsoft.Extensions.Primitives (1.0)
    Microsoft.Extensions.WebEncoders (1.0)
    Microsoft.Net.Http.Headers (1.0)
      System.Buffers (>= 4.0)
      System.Collections (>= 4.0.11)
      System.Diagnostics.Contracts (>= 4.0.1)
      System.Globalization (>= 4.0.11)
      System.Linq (>= 4.1)
      System.Resources.ResourceManager (>= 4.0.1)
      System.Runtime.Extensions (>= 4.1)
      System.Text.Encoding (>= 4.0.11)
    Newtonsoft.Json (9.0.1)
    System.Buffers (4.0)
    System.Collections (4.0.11)
    System.Collections.Concurrent (4.0.12)
    System.Collections.Immutable (1.2)
    System.ComponentModel.TypeConverter (4.1)
    System.Diagnostics.Contracts (4.0.1)
    System.Diagnostics.Debug (4.0.11)
    System.Diagnostics.DiagnosticSource (4.0)
    System.Globalization (4.0.11)
    System.IO (4.1)
    System.Linq (4.1)
    System.Numerics.Vectors (4.1.1)
    System.Reflection (4.1)
    System.Reflection.Extensions (4.0.1)
    System.Reflection.Metadata (1.3)
      System.Collections.Immutable (>= 1.2)
    System.Resources.ResourceManager (4.0.1)
    System.Runtime.Extensions (4.1)
    System.Runtime.InteropServices (4.1)
    System.Runtime.InteropServices.RuntimeInformation (4.0)
    System.Runtime.Serialization.Primitives (4.1.1)
    System.Text.Encoding (4.0.11)
    System.Text.Encoding.Extensions (4.0.11)
    System.Text.Encodings.Web (4.0)
    System.Threading (4.0.11)
    System.Threading.Tasks (4.0.11)
    System.Threading.Tasks.Extensions (4.0)
