FRAMEWORK: NET451
NUGET
  remote: https://www.nuget.org/api/v2
    Aspose.Words (15.3)
    Autofac (3.5.2)
    Autofac.Owin (3.1)
      Autofac (>= 3.5 < 4.0)
      Microsoft.Owin (>= 3.0 < 4.0)
    Autofac.WebApi2 (3.4)
      Autofac (>= 3.5 < 4.0)
      Microsoft.AspNet.WebApi.Core (>= 5.2 < 6.0)
    Autofac.WebApi2.Owin (3.3)
      Autofac (>= 3.5 < 4.0)
      Autofac.Owin (>= 3.1 < 4.0)
      Autofac.WebApi2 (>= 3.4 < 4.0)
      Microsoft.AspNet.WebApi.Owin (>= 5.2)
    Castle.Core (3.3.3)
    Dapper (1.42)
    DotNetZip (1.9.8)
    Lextm.SharpSnmpLib (9.0.1)
    Microsoft.AspNet.Cors (5.2.3)
    Microsoft.AspNet.Razor (3.2.3)
    Microsoft.AspNet.WebApi.Client (5.2.3)
      Newtonsoft.Json (>= 6.0.4)
    Microsoft.AspNet.WebApi.Core (5.2.3)
      Microsoft.AspNet.WebApi.Client (>= 5.2.3)
    Microsoft.AspNet.WebApi.Cors (5.2.3)
      Microsoft.AspNet.Cors (>= 5.2.3)
      Microsoft.AspNet.WebApi.Core (>= 5.2.3 < 5.3)
    Microsoft.AspNet.WebApi.Owin (5.2.3)
      Microsoft.AspNet.WebApi.Core (>= 5.2.3 < 5.3)
      Microsoft.Owin (>= 2.0.2)
      Owin (>= 1.0)
    Microsoft.AspNet.WebPages (3.2.3)
      Microsoft.AspNet.Razor (>= 3.2.3 < 3.3)
      Microsoft.Web.Infrastructure (>= 1.0)
    Microsoft.Diagnostics.Runtime (0.8.27-beta)
    Microsoft.Owin (3.0.1)
      Owin (>= 1.0)
    Microsoft.Owin.FileSystems (3.0.1)
    Microsoft.Owin.Host.HttpListener (3.0.1)
    Microsoft.Owin.Hosting (3.0.1)
      Microsoft.Owin (>= 3.0.1)
      Owin (>= 1.0)
    Microsoft.Owin.StaticFiles (3.0.1)
      Microsoft.Owin (>= 3.0.1)
      Microsoft.Owin.FileSystems (>= 3.0.1)
      Owin (>= 1.0)
    Microsoft.Owin.Testing (3.0.1)
      Microsoft.Owin.Hosting (>= 3.0.1)
      Owin (>= 1.0)
    Microsoft.Tpl.Dataflow (4.5.24)
    Microsoft.Web.Infrastructure (1.0)
    Mono.Posix-4.5 (4.5)
    Moq (4.5.9)
      Castle.Core (>= 3.3.3)
    Newtonsoft.Json (6.0.8)
    NLog (4.3.2)
    NUnit (3.2.1)
    NUnit.ConsoleRunner (3.2.1)
    Nustache (1.16.0.1)
    Owin (1.0)
    PacketDotNet (0.13)
    Patterns.Logging (1.0.0.3)
    SharpPcap (4.2)
      PacketDotNet (>= 0.13)
    SocketHttpListener (1.0.0.30)
      Patterns.Logging (>= 1.0.0.2)
    Swashbuckle.Core.Net45 (5.2.1)
      Microsoft.AspNet.WebApi.Client (>= 5.2.2)
      Microsoft.AspNet.WebApi.Core (>= 5.2.2)
      Microsoft.AspNet.WebApi.Cors (>= 5.2.2)
    TreeViewAdv (1.7)
    vtortola.WebSocketListener (2.2.0.1)
      Microsoft.Tpl.Dataflow (>= 4.5.24)
    WebSocketSharp (1.0.3-rc9)

GROUP peach-web
FRAMEWORK: NET451
NUGET
  remote: https://www.nuget.org/api/v2
    Castle.Core (3.3.3)
    FluentMigrator (1.6.2)
    FluentMigrator.Runner (1.6.2)
      FluentMigrator (>= 1.6.2)
    linq2db (1.0.7.4)
    linq2db.PostgreSQL (1.0.7.3)
      linq2db
      linq2db.t4models
      Npgsql
    linq2db.t4models (1.0.7.3)
    LiquidState (8.0.2)
      System.Collections.Immutable (>= 1.0)
    Microsoft.AspNet.WebApi.Client (5.2.3)
      Newtonsoft.Json (>= 6.0.4)
    Microsoft.AspNetCore.Antiforgery (1.0.1)
      Microsoft.AspNetCore.DataProtection (>= 1.0)
      Microsoft.AspNetCore.Http.Abstractions (>= 1.0)
      Microsoft.AspNetCore.WebUtilities (>= 1.0)
      Microsoft.Extensions.ObjectPool (>= 1.0)
    Microsoft.AspNetCore.Authorization (1.0)
      Microsoft.Extensions.Logging.Abstractions (>= 1.0)
      Microsoft.Extensions.Options (>= 1.0)
    Microsoft.AspNetCore.Cors (1.0)
      Microsoft.AspNetCore.Http.Extensions (>= 1.0)
      Microsoft.Extensions.Configuration.Abstractions (>= 1.0)
      Microsoft.Extensions.DependencyInjection.Abstractions (>= 1.0)
      Microsoft.Extensions.Options (>= 1.0)
    Microsoft.AspNetCore.Cryptography.Internal (1.0)
    Microsoft.AspNetCore.DataProtection (1.0)
      Microsoft.AspNetCore.Cryptography.Internal (>= 1.0)
      Microsoft.AspNetCore.DataProtection.Abstractions (>= 1.0)
      Microsoft.AspNetCore.Hosting.Abstractions (>= 1.0)
      Microsoft.Extensions.DependencyInjection.Abstractions (>= 1.0)
      Microsoft.Extensions.Logging.Abstractions (>= 1.0)
      Microsoft.Extensions.Options (>= 1.0)
    Microsoft.AspNetCore.DataProtection.Abstractions (1.0)
    Microsoft.AspNetCore.Diagnostics (1.0)
      Microsoft.AspNetCore.Diagnostics.Abstractions (>= 1.0)
      Microsoft.AspNetCore.Hosting.Abstractions (>= 1.0)
      Microsoft.AspNetCore.Http.Extensions (>= 1.0)
      Microsoft.AspNetCore.WebUtilities (>= 1.0)
      Microsoft.Extensions.FileProviders.Physical (>= 1.0)
      Microsoft.Extensions.Logging.Abstractions (>= 1.0)
      Microsoft.Extensions.Options (>= 1.0)
      System.Diagnostics.DiagnosticSource (>= 4.0)
      System.Reflection.Metadata (>= 1.3)
    Microsoft.AspNetCore.Diagnostics.Abstractions (1.0)
    Microsoft.AspNetCore.Hosting (1.0)
      Microsoft.AspNetCore.Hosting.Abstractions (>= 1.0)
      Microsoft.AspNetCore.Hosting.Server.Abstractions (>= 1.0)
      Microsoft.AspNetCore.Http (>= 1.0)
      Microsoft.AspNetCore.Http.Extensions (>= 1.0)
      Microsoft.Extensions.Configuration (>= 1.0)
      Microsoft.Extensions.Configuration.EnvironmentVariables (>= 1.0)
      Microsoft.Extensions.DependencyInjection (>= 1.0)
      Microsoft.Extensions.FileProviders.Physical (>= 1.0)
      Microsoft.Extensions.Logging (>= 1.0)
      Microsoft.Extensions.Options (>= 1.0)
      Microsoft.Extensions.PlatformAbstractions (>= 1.0)
      System.Diagnostics.DiagnosticSource (>= 4.0)
      System.Reflection.Metadata (>= 1.3)
      System.Runtime.InteropServices.RuntimeInformation (>= 4.0)
    Microsoft.AspNetCore.Hosting.Abstractions (1.0)
      Microsoft.AspNetCore.Hosting.Server.Abstractions (>= 1.0)
      Microsoft.AspNetCore.Http.Abstractions (>= 1.0)
      Microsoft.Extensions.Configuration.Abstractions (>= 1.0)
      Microsoft.Extensions.DependencyInjection.Abstractions (>= 1.0)
      Microsoft.Extensions.FileProviders.Abstractions (>= 1.0)
      Microsoft.Extensions.Logging.Abstractions (>= 1.0)
    Microsoft.AspNetCore.Hosting.Server.Abstractions (1.0)
      Microsoft.AspNetCore.Http.Features (>= 1.0)
      Microsoft.Extensions.Configuration.Abstractions (>= 1.0)
    Microsoft.AspNetCore.Html.Abstractions (1.0)
    Microsoft.AspNetCore.Http (1.0)
      Microsoft.AspNetCore.Http.Abstractions (>= 1.0)
      Microsoft.AspNetCore.WebUtilities (>= 1.0)
      Microsoft.Extensions.ObjectPool (>= 1.0)
      Microsoft.Extensions.Options (>= 1.0)
      Microsoft.Net.Http.Headers (>= 1.0)
      System.Buffers (>= 4.0)
    Microsoft.AspNetCore.Http.Abstractions (1.0)
      Microsoft.AspNetCore.Http.Features (>= 1.0)
      System.Text.Encodings.Web (>= 4.0)
    Microsoft.AspNetCore.Http.Extensions (1.0)
      Microsoft.AspNetCore.Http.Abstractions (>= 1.0)
      Microsoft.Extensions.FileProviders.Abstractions (>= 1.0)
      Microsoft.Net.Http.Headers (>= 1.0)
      System.Buffers (>= 4.0)
    Microsoft.AspNetCore.Http.Features (1.0)
      Microsoft.Extensions.Primitives (>= 1.0)
    Microsoft.AspNetCore.JsonPatch (1.0)
      Microsoft.CSharp (>= 4.0.1)
      Newtonsoft.Json (>= 9.0.1)
      System.Collections.Concurrent (>= 4.0.12)
      System.ComponentModel.TypeConverter (>= 4.1)
      System.Diagnostics.Debug (>= 4.0.11)
      System.Globalization (>= 4.0.11)
      System.Linq (>= 4.1)
      System.Reflection.Extensions (>= 4.0.1)
      System.Resources.ResourceManager (>= 4.0.1)
      System.Runtime.Extensions (>= 4.1)
      System.Runtime.Serialization.Primitives (>= 4.1.1)
      System.Text.Encoding.Extensions (>= 4.0.11)
    Microsoft.AspNetCore.Localization (1.0)
      Microsoft.AspNetCore.Http.Extensions (>= 1.0)
      Microsoft.Extensions.Globalization.CultureInfoCache (>= 1.0)
      Microsoft.Extensions.Localization.Abstractions (>= 1.0)
      Microsoft.Extensions.Options (>= 1.0)
    Microsoft.AspNetCore.Mvc (1.0.1)
      Microsoft.AspNetCore.Mvc.ApiExplorer (>= 1.0.1)
      Microsoft.AspNetCore.Mvc.Cors (>= 1.0.1)
      Microsoft.AspNetCore.Mvc.DataAnnotations (>= 1.0.1)
      Microsoft.AspNetCore.Mvc.Formatters.Json (>= 1.0.1)
      Microsoft.AspNetCore.Mvc.Localization (>= 1.0.1)
      Microsoft.AspNetCore.Mvc.Razor (>= 1.0.1)
      Microsoft.AspNetCore.Mvc.TagHelpers (>= 1.0.1)
      Microsoft.AspNetCore.Mvc.ViewFeatures (>= 1.0.1)
      Microsoft.Extensions.Caching.Memory (>= 1.0)
      Microsoft.Extensions.DependencyInjection (>= 1.0)
    Microsoft.AspNetCore.Mvc.Abstractions (1.0.1)
      Microsoft.AspNetCore.Routing.Abstractions (>= 1.0)
      Microsoft.Net.Http.Headers (>= 1.0)
    Microsoft.AspNetCore.Mvc.ApiExplorer (1.0.1)
      Microsoft.AspNetCore.Mvc.Core (>= 1.0.1)
    Microsoft.AspNetCore.Mvc.Core (1.0.1)
      Microsoft.AspNetCore.Authorization (>= 1.0)
      Microsoft.AspNetCore.Hosting.Abstractions (>= 1.0)
      Microsoft.AspNetCore.Http (>= 1.0)
      Microsoft.AspNetCore.Mvc.Abstractions (>= 1.0.1)
      Microsoft.AspNetCore.Routing (>= 1.0)
      Microsoft.Extensions.DependencyModel (>= 1.0)
      Microsoft.Extensions.FileProviders.Abstractions (>= 1.0)
      Microsoft.Extensions.Logging.Abstractions (>= 1.0)
      Microsoft.Extensions.PlatformAbstractions (>= 1.0)
      System.Buffers (>= 4.0)
      System.Diagnostics.DiagnosticSource (>= 4.0)
    Microsoft.AspNetCore.Mvc.Cors (1.0.1)
      Microsoft.AspNetCore.Cors (>= 1.0)
      Microsoft.AspNetCore.Mvc.Core (>= 1.0.1)
    Microsoft.AspNetCore.Mvc.DataAnnotations (1.0.1)
      Microsoft.AspNetCore.Mvc.Core (>= 1.0.1)
      Microsoft.Extensions.Localization (>= 1.0)
    Microsoft.AspNetCore.Mvc.Formatters.Json (1.0.1)
      Microsoft.AspNetCore.JsonPatch (>= 1.0)
      Microsoft.AspNetCore.Mvc.Core (>= 1.0.1)
    Microsoft.AspNetCore.Mvc.Localization (1.0.1)
      Microsoft.AspNetCore.Localization (>= 1.0)
      Microsoft.AspNetCore.Mvc.Razor (>= 1.0.1)
      Microsoft.Extensions.DependencyInjection (>= 1.0)
      Microsoft.Extensions.Localization (>= 1.0)
    Microsoft.AspNetCore.Mvc.Razor (1.0.1)
      Microsoft.AspNetCore.Mvc.Razor.Host (>= 1.0.1)
      Microsoft.AspNetCore.Mvc.ViewFeatures (>= 1.0.1)
      Microsoft.CodeAnalysis.CSharp (>= 1.3)
      Microsoft.Extensions.FileProviders.Composite (>= 1.0)
    Microsoft.AspNetCore.Mvc.Razor.Host (1.0.1)
      Microsoft.AspNetCore.Razor.Runtime (>= 1.0)
      Microsoft.Extensions.Caching.Memory (>= 1.0)
      Microsoft.Extensions.FileProviders.Physical (>= 1.0)
    Microsoft.AspNetCore.Mvc.TagHelpers (1.0.1)
      Microsoft.AspNetCore.Mvc.Razor (>= 1.0.1)
      Microsoft.Extensions.Caching.Memory (>= 1.0)
      Microsoft.Extensions.FileSystemGlobbing (>= 1.0)
      Microsoft.Extensions.Primitives (>= 1.0)
    Microsoft.AspNetCore.Mvc.ViewFeatures (1.0.1)
      Microsoft.AspNetCore.Antiforgery (>= 1.0.1)
      Microsoft.AspNetCore.Diagnostics.Abstractions (>= 1.0)
      Microsoft.AspNetCore.Html.Abstractions (>= 1.0)
      Microsoft.AspNetCore.Mvc.Core (>= 1.0.1)
      Microsoft.AspNetCore.Mvc.DataAnnotations (>= 1.0.1)
      Microsoft.AspNetCore.Mvc.Formatters.Json (>= 1.0.1)
      Microsoft.Extensions.WebEncoders (>= 1.0)
      Newtonsoft.Json (>= 9.0.1)
      System.Buffers (>= 4.0)
    Microsoft.AspNetCore.Razor (1.0)
    Microsoft.AspNetCore.Razor.Runtime (1.0)
      Microsoft.AspNetCore.Html.Abstractions (>= 1.0)
      Microsoft.AspNetCore.Razor (>= 1.0)
    Microsoft.AspNetCore.Routing (1.0.1)
      Microsoft.AspNetCore.Http.Extensions (>= 1.0)
      Microsoft.AspNetCore.Routing.Abstractions (>= 1.0.1)
      Microsoft.Extensions.Logging.Abstractions (>= 1.0)
      Microsoft.Extensions.ObjectPool (>= 1.0)
      Microsoft.Extensions.Options (>= 1.0)
    Microsoft.AspNetCore.Routing.Abstractions (1.0.1)
      Microsoft.AspNetCore.Http.Abstractions (>= 1.0)
    Microsoft.AspNetCore.StaticFiles (1.0)
      Microsoft.AspNetCore.Hosting.Abstractions (>= 1.0)
      Microsoft.AspNetCore.Http.Extensions (>= 1.0)
      Microsoft.Extensions.FileProviders.Abstractions (>= 1.0)
      Microsoft.Extensions.Logging.Abstractions (>= 1.0)
      Microsoft.Extensions.WebEncoders (>= 1.0)
    Microsoft.AspNetCore.TestHost (1.0)
      Microsoft.AspNetCore.Hosting (>= 1.0)
    Microsoft.AspNetCore.WebUtilities (1.0)
      Microsoft.Extensions.Primitives (>= 1.0)
      System.Buffers (>= 4.0)
      System.Text.Encodings.Web (>= 4.0)
    Microsoft.CodeAnalysis.Analyzers (1.1)
    Microsoft.CodeAnalysis.Common (1.3.2)
      Microsoft.CodeAnalysis.Analyzers (>= 1.1)
      System.Collections.Immutable (>= 1.1.37)
      System.Reflection.Metadata (>= 1.2)
    Microsoft.CodeAnalysis.CSharp (1.3.2)
      Microsoft.CodeAnalysis.Common (1.3.2)
    Microsoft.CSharp (4.0.1)
    Microsoft.DotNet.InternalAbstractions (1.0)
    Microsoft.Extensions.Caching.Abstractions (1.0)
    Microsoft.Extensions.Caching.Memory (1.0)
      Microsoft.Extensions.Caching.Abstractions (>= 1.0)
      Microsoft.Extensions.DependencyInjection.Abstractions (>= 1.0)
      Microsoft.Extensions.Options (>= 1.0)
    Microsoft.Extensions.Configuration (1.0)
      Microsoft.Extensions.Configuration.Abstractions (>= 1.0)
      System.Collections (>= 4.0.11)
      System.Diagnostics.Debug (>= 4.0.11)
      System.IO (>= 4.1)
      System.Resources.ResourceManager (>= 4.0.1)
      System.Runtime.Extensions (>= 4.1)
      System.Runtime.InteropServices (>= 4.1)
      System.Threading (>= 4.0.11)
    Microsoft.Extensions.Configuration.Abstractions (1.0)
    Microsoft.Extensions.Configuration.CommandLine (1.0)
      Microsoft.Extensions.Configuration (>= 1.0)
    Microsoft.Extensions.Configuration.EnvironmentVariables (1.0)
      Microsoft.Extensions.Configuration (>= 1.0)
    Microsoft.Extensions.Configuration.FileExtensions (1.0)
      Microsoft.Extensions.Configuration (>= 1.0)
      Microsoft.Extensions.FileProviders.Physical (>= 1.0)
    Microsoft.Extensions.Configuration.Json (1.0)
      Microsoft.Extensions.Configuration (>= 1.0)
      Microsoft.Extensions.Configuration.FileExtensions (>= 1.0)
      Newtonsoft.Json (>= 9.0.1)
    Microsoft.Extensions.DependencyInjection (1.0)
      Microsoft.Extensions.DependencyInjection.Abstractions (>= 1.0)
      System.Collections (>= 4.0.11)
      System.Collections.Concurrent (>= 4.0.12)
      System.Runtime.Extensions (>= 4.1)
      System.Threading (>= 4.0.11)
      System.Threading.Tasks (>= 4.0.11)
    Microsoft.Extensions.DependencyInjection.Abstractions (1.0)
    Microsoft.Extensions.DependencyModel (1.0)
      Microsoft.DotNet.InternalAbstractions (>= 1.0)
      Newtonsoft.Json (>= 9.0.1)
    Microsoft.Extensions.FileProviders.Abstractions (1.0)
    Microsoft.Extensions.FileProviders.Composite (1.0)
    Microsoft.Extensions.FileProviders.Embedded (1.0)
    Microsoft.Extensions.FileProviders.Physical (1.0)
      Microsoft.Extensions.FileProviders.Abstractions (>= 1.0)
      Microsoft.Extensions.FileSystemGlobbing (>= 1.0)
    Microsoft.Extensions.FileSystemGlobbing (1.0)
    Microsoft.Extensions.Globalization.CultureInfoCache (1.0)
      System.Collections.Concurrent (>= 4.0.12)
      System.Linq (>= 4.1)
      System.Resources.ResourceManager (>= 4.0.1)
    Microsoft.Extensions.Localization (1.0)
      Microsoft.AspNetCore.Hosting.Abstractions (>= 1.0)
      Microsoft.Extensions.DependencyInjection.Abstractions (>= 1.0)
      Microsoft.Extensions.Localization.Abstractions (>= 1.0)
      Microsoft.Extensions.Options (>= 1.0)
    Microsoft.Extensions.Localization.Abstractions (1.0)
    Microsoft.Extensions.Logging (1.0)
      Microsoft.Extensions.DependencyInjection.Abstractions (>= 1.0)
      Microsoft.Extensions.Logging.Abstractions (>= 1.0)
      System.Threading (>= 4.0.11)
    Microsoft.Extensions.Logging.Abstractions (1.0)
      System.Collections (>= 4.0.11)
      System.Collections.Concurrent (>= 4.0.12)
      System.Diagnostics.Debug (>= 4.0.11)
      System.Globalization (>= 4.0.11)
      System.Linq (>= 4.1)
      System.Reflection (>= 4.1)
      System.Resources.ResourceManager (>= 4.0.1)
      System.Runtime.Extensions (>= 4.1)
      System.Runtime.InteropServices (>= 4.1)
    Microsoft.Extensions.Logging.Console (1.0)
      Microsoft.Extensions.Configuration.Abstractions (>= 1.0)
      Microsoft.Extensions.Logging.Abstractions (>= 1.0)
      System.Runtime.InteropServices.RuntimeInformation (>= 4.0)
    Microsoft.Extensions.Logging.Debug (1.0)
      Microsoft.Extensions.Logging.Abstractions (>= 1.0)
    Microsoft.Extensions.ObjectPool (1.0)
    Microsoft.Extensions.Options (1.0)
    Microsoft.Extensions.PlatformAbstractions (1.0)
    Microsoft.Extensions.Primitives (1.0)
    Microsoft.Extensions.WebEncoders (1.0)
    Microsoft.Net.Http.Headers (1.0)
      System.Buffers (>= 4.0)
      System.Collections (>= 4.0.11)
      System.Diagnostics.Contracts (>= 4.0.1)
      System.Globalization (>= 4.0.11)
      System.Linq (>= 4.1)
      System.Resources.ResourceManager (>= 4.0.1)
      System.Runtime.Extensions (>= 4.1)
      System.Text.Encoding (>= 4.0.11)
    Moq (4.5.23)
      Castle.Core (>= 3.3.3)
    Newtonsoft.Json (9.0.1)
    Npgsql (3.1.8)
    NUnit (3.5)
    Patterns.Logging (1.0.0.3)
    SocketHttpListener (1.0.0.40)
      Patterns.Logging (>= 1.0.0.2)
    Swashbuckle (6.0.0-beta902)
      Swashbuckle.Swagger (>= 6.0.0-beta902)
      Swashbuckle.SwaggerGen (>= 6.0.0-beta902)
      Swashbuckle.SwaggerUi (>= 6.0.0-beta902)
    Swashbuckle.Swagger (6.0.0-beta902)
      Microsoft.AspNetCore.Mvc.Core (>= 1.0)
      Microsoft.AspNetCore.Mvc.Formatters.Json (>= 1.0)
    Swashbuckle.SwaggerGen (6.0.0-beta902)
      Microsoft.AspNetCore.Mvc.ApiExplorer (>= 1.0)
      Microsoft.AspNetCore.Mvc.Core (>= 1.0)
      Microsoft.AspNetCore.Mvc.DataAnnotations (>= 1.0)
      Swashbuckle.Swagger (>= 6.0.0-beta902)
    Swashbuckle.SwaggerUi (6.0.0-beta902)
      Microsoft.AspNetCore.Mvc.Core (>= 1.0)
      Microsoft.AspNetCore.StaticFiles (>= 1.0)
      Microsoft.Extensions.FileProviders.Embedded (>= 1.0)
    System.Buffers (4.0)
    System.Collections (4.0.11)
    System.Collections.Concurrent (4.0.12)
    System.Collections.Immutable (1.2)
    System.ComponentModel.TypeConverter (4.1)
    System.Diagnostics.Contracts (4.0.1)
    System.Diagnostics.Debug (4.0.11)
    System.Diagnostics.DiagnosticSource (4.0)
    System.Globalization (4.0.11)
    System.IO (4.1)
    System.Linq (4.1)
    System.Reflection (4.1)
    System.Reflection.Extensions (4.0.1)
    System.Reflection.Metadata (1.3)
      System.Collections.Immutable (>= 1.2)
    System.Resources.ResourceManager (4.0.1)
    System.Runtime.Extensions (4.1)
    System.Runtime.InteropServices (4.1)
    System.Runtime.InteropServices.RuntimeInformation (4.0)
    System.Runtime.Serialization.Primitives (4.1.1)
    System.Text.Encoding (4.0.11)
    System.Text.Encoding.Extensions (4.0.11)
    System.Text.Encodings.Web (4.0)
    System.Threading (4.0.11)
    System.Threading.Tasks (4.0.11)
