FRAMEWORK: NET451
NUGET
  remote: https://www.nuget.org/api/v2
    Aspose.Words (15.3)
    Autofac (3.5.2)
    Autofac.Owin (3.1)
      Autofac (>= 3.5 < 4.0)
      Microsoft.Owin (>= 3.0 < 4.0)
    Autofac.WebApi2 (3.4)
      Autofac (>= 3.5 < 4.0)
      Microsoft.AspNet.WebApi.Core (>= 5.2 < 6.0)
    Autofac.WebApi2.Owin (3.3)
      Autofac (>= 3.5 < 4.0)
      Autofac.Owin (>= 3.1 < 4.0)
      Autofac.WebApi2 (>= 3.4 < 4.0)
      Microsoft.AspNet.WebApi.Owin (>= 5.2)
    Castle.Core (3.3.3)
    Dapper (1.42)
    DotNetZip (1.9.8)
    Lextm.SharpSnmpLib (9.0.1)
    Microsoft.AspNet.Cors (5.2.3)
    Microsoft.AspNet.Razor (3.2.3)
    Microsoft.AspNet.WebApi.Client (5.2.3)
      Newtonsoft.Json (>= 6.0.4)
    Microsoft.AspNet.WebApi.Core (5.2.3)
      Microsoft.AspNet.WebApi.Client (>= 5.2.3)
    Microsoft.AspNet.WebApi.Cors (5.2.3)
      Microsoft.AspNet.Cors (>= 5.2.3)
      Microsoft.AspNet.WebApi.Core (>= 5.2.3 < 5.3)
    Microsoft.AspNet.WebApi.Owin (5.2.3)
      Microsoft.AspNet.WebApi.Core (>= 5.2.3 < 5.3)
      Microsoft.Owin (>= 2.0.2)
      Owin (>= 1.0)
    Microsoft.AspNet.WebPages (3.2.3)
      Microsoft.AspNet.Razor (>= 3.2.3 < 3.3)
      Microsoft.Web.Infrastructure (>= 1.0)
    Microsoft.Diagnostics.Runtime (0.8.27-beta)
    Microsoft.Owin (3.0.1)
      Owin (>= 1.0)
    Microsoft.Owin.FileSystems (3.0.1)
    Microsoft.Owin.Host.HttpListener (3.0.1)
    Microsoft.Owin.Hosting (3.0.1)
      Microsoft.Owin (>= 3.0.1)
      Owin (>= 1.0)
    Microsoft.Owin.StaticFiles (3.0.1)
      Microsoft.Owin (>= 3.0.1)
      Microsoft.Owin.FileSystems (>= 3.0.1)
      Owin (>= 1.0)
    Microsoft.Owin.Testing (3.0.1)
      Microsoft.Owin.Hosting (>= 3.0.1)
      Owin (>= 1.0)
    Microsoft.Tpl.Dataflow (4.5.24)
    Microsoft.Web.Infrastructure (1.0)
    Mono.Posix-4.5 (4.5)
    Moq (4.5.9)
      Castle.Core (>= 3.3.3)
    Newtonsoft.Json (6.0.8)
    NLog (4.3.2)
    NUnit (3.2.1)
    NUnit.ConsoleRunner (3.2.1)
    Nustache (1.16.0.1)
    Owin (1.0)
    PacketDotNet (0.13)
    Patterns.Logging (1.0.0.3)
    SharpPcap (4.2)
      PacketDotNet (>= 0.13)
    SocketHttpListener (1.0.0.30)
      Patterns.Logging (>= 1.0.0.2)
    Swashbuckle.Core.Net45 (5.2.1)
      Microsoft.AspNet.WebApi.Client (>= 5.2.2)
      Microsoft.AspNet.WebApi.Core (>= 5.2.2)
      Microsoft.AspNet.WebApi.Cors (>= 5.2.2)
    TreeViewAdv (1.7)
    vtortola.WebSocketListener (2.2.0.1)
      Microsoft.Tpl.Dataflow (>= 4.5.24)
    WebSocketSharp (1.0.3-rc9)

GROUP peach-web
FRAMEWORK: NET451
NUGET
  remote: https://www.nuget.org/api/v2
    Autofac (4.2.1)
    Autofac.Extensions.DependencyInjection (4.0)
      Autofac (>= 4.0)
      Microsoft.Extensions.DependencyInjection.Abstractions (>= 1.0)
      NETStandard.Library (>= 1.6)
    bootstrap (3.3.7)
      jQuery (>= 1.9.1 < 4.0)
    bootstrap-toggle.less (2.2.0.1)
    Bootstrap.Multiselect (0.9.13)
      bootstrap (>= 2.3.2)
      jQuery (>= 1.10)
    BootstrapMvc.Bootstrap3 (2.6)
      BootstrapMvc.Core (>= 2.3)
    BootstrapMvc.Bootstrap3Mvc6 (2.4)
      BootstrapMvc.Bootstrap3 (>= 2.6)
      BootstrapMvc.Mvc6 (>= 2.4)
    BootstrapMvc.Core (2.3)
    BootstrapMvc.Mvc6 (2.4)
      BootstrapMvc.Core (>= 2.3)
      Microsoft.AspNetCore.Html.Abstractions (>= 1.0)
      Microsoft.AspNetCore.Mvc.ViewFeatures (>= 1.0)
      Microsoft.AspNetCore.Razor (>= 1.0)
      Microsoft.AspNetCore.Routing (>= 1.0)
    Bootswatch (3.3.7)
      bootstrap (>= 3.3.6)
    Castle.Core (3.3.3)
    CommonMark.NET (0.14)
    datatables.net.bootstrap (1.10.13)
      bootstrap (>= 3.3.7)
      datatables.net.core (>= 1.10.13)
    datatables.net.core (1.10.13)
      jQuery (>= 1.12.4)
    DotNetZip (1.10.1)
    DynamicLanguageRuntime (1.1.2)
    Handlebars.Net (1.8)
    Humanizer.Core (2.1)
    IronPython (2.7.7)
      DynamicLanguageRuntime (>= 1.1.2)
    IronPython.StdLib (2.7.7)
      IronPython (>= 2.7.7)
    jQuery (1.12.4)
    LiquidState (8.2)
    Microsoft.AspNet.WebApi.Client (5.2.3)
      Newtonsoft.Json (>= 6.0.4)
    Microsoft.AspNetCore.Antiforgery (1.1)
      Microsoft.AspNetCore.DataProtection (>= 1.1)
      Microsoft.AspNetCore.Http.Abstractions (>= 1.1)
      Microsoft.AspNetCore.Http.Extensions (>= 1.1)
      Microsoft.AspNetCore.WebUtilities (>= 1.1)
      Microsoft.Extensions.ObjectPool (>= 1.1)
      NETStandard.Library (>= 1.6.1)
    Microsoft.AspNetCore.Authorization (1.1)
      Microsoft.Extensions.Logging.Abstractions (>= 1.1)
      Microsoft.Extensions.Options (>= 1.1)
      NETStandard.Library (>= 1.6.1)
    Microsoft.AspNetCore.Cors (1.1)
      Microsoft.AspNetCore.Http.Extensions (>= 1.1)
      Microsoft.Extensions.Configuration.Abstractions (>= 1.1)
      Microsoft.Extensions.DependencyInjection.Abstractions (>= 1.1)
      Microsoft.Extensions.Options (>= 1.1)
      NETStandard.Library (>= 1.6.1)
    Microsoft.AspNetCore.Cryptography.Internal (1.1)
      NETStandard.Library (>= 1.6.1)
    Microsoft.AspNetCore.DataProtection (1.1)
      Microsoft.AspNetCore.Cryptography.Internal (>= 1.1)
      Microsoft.AspNetCore.DataProtection.Abstractions (>= 1.1)
      Microsoft.AspNetCore.Hosting.Abstractions (>= 1.1)
      Microsoft.Extensions.DependencyInjection.Abstractions (>= 1.1)
      Microsoft.Extensions.Logging.Abstractions (>= 1.1)
      Microsoft.Extensions.Options (>= 1.1)
      NETStandard.Library (>= 1.6.1)
    Microsoft.AspNetCore.DataProtection.Abstractions (1.1)
      NETStandard.Library (>= 1.6.1)
    Microsoft.AspNetCore.Diagnostics (1.1)
      Microsoft.AspNetCore.Diagnostics.Abstractions (>= 1.1)
      Microsoft.AspNetCore.Hosting.Abstractions (>= 1.1)
      Microsoft.AspNetCore.Http.Extensions (>= 1.1)
      Microsoft.AspNetCore.WebUtilities (>= 1.1)
      Microsoft.Extensions.FileProviders.Physical (>= 1.1)
      Microsoft.Extensions.Logging.Abstractions (>= 1.1)
      Microsoft.Extensions.Options (>= 1.1)
      NETStandard.Library (>= 1.6.1)
      System.Diagnostics.DiagnosticSource (>= 4.3)
      System.Reflection.Metadata (>= 1.4.1)
    Microsoft.AspNetCore.Diagnostics.Abstractions (1.1)
    Microsoft.AspNetCore.Hosting (1.1.1)
      Microsoft.AspNetCore.Hosting.Abstractions (>= 1.1.1)
      Microsoft.AspNetCore.Hosting.Server.Abstractions (>= 1.1.1)
      Microsoft.AspNetCore.Http (>= 1.1.1)
      Microsoft.AspNetCore.Http.Extensions (>= 1.1.1)
      Microsoft.Extensions.Configuration (>= 1.1.1)
      Microsoft.Extensions.Configuration.EnvironmentVariables (>= 1.1.1)
      Microsoft.Extensions.DependencyInjection (>= 1.1)
      Microsoft.Extensions.FileProviders.Physical (>= 1.1)
      Microsoft.Extensions.Logging (>= 1.1.1)
      Microsoft.Extensions.Options (>= 1.1.1)
      Microsoft.Extensions.PlatformAbstractions (>= 1.1)
      NETStandard.Library (>= 1.6.1)
      System.Diagnostics.DiagnosticSource (>= 4.3)
      System.Reflection.Metadata (>= 1.4.1)
    Microsoft.AspNetCore.Hosting.Abstractions (1.1.1)
      Microsoft.AspNetCore.Hosting.Server.Abstractions (>= 1.1.1)
      Microsoft.AspNetCore.Http.Abstractions (>= 1.1.1)
      Microsoft.Extensions.Configuration.Abstractions (>= 1.1.1)
      Microsoft.Extensions.DependencyInjection.Abstractions (>= 1.1)
      Microsoft.Extensions.FileProviders.Abstractions (>= 1.1)
      Microsoft.Extensions.Logging.Abstractions (>= 1.1.1)
      NETStandard.Library (>= 1.6.1)
    Microsoft.AspNetCore.Hosting.Server.Abstractions (1.1.1)
      Microsoft.AspNetCore.Http.Features (>= 1.1.1)
      Microsoft.Extensions.Configuration.Abstractions (>= 1.1.1)
      NETStandard.Library (>= 1.6.1)
    Microsoft.AspNetCore.Html.Abstractions (1.1)
    Microsoft.AspNetCore.Http (1.1.1)
      Microsoft.AspNetCore.Http.Abstractions (>= 1.1.1)
      Microsoft.AspNetCore.WebUtilities (>= 1.1.1)
      Microsoft.Extensions.ObjectPool (>= 1.1)
      Microsoft.Extensions.Options (>= 1.1.1)
      Microsoft.Net.Http.Headers (>= 1.1.1)
      NETStandard.Library (>= 1.6.1)
      System.Buffers (>= 4.3)
    Microsoft.AspNetCore.Http.Abstractions (1.1.1)
      Microsoft.AspNetCore.Http.Features (>= 1.1.1)
      Microsoft.Extensions.Primitives (>= 1.1)
      NETStandard.Library (>= 1.6.1)
      System.Text.Encodings.Web (>= 4.3)
    Microsoft.AspNetCore.Http.Extensions (1.1.1)
      Microsoft.AspNetCore.Http.Abstractions (>= 1.1.1)
      Microsoft.Extensions.FileProviders.Abstractions (>= 1.1)
      Microsoft.Net.Http.Headers (>= 1.1.1)
      NETStandard.Library (>= 1.6.1)
      System.Buffers (>= 4.3)
    Microsoft.AspNetCore.Http.Features (1.1.1)
      Microsoft.Extensions.Primitives (>= 1.1)
      NETStandard.Library (>= 1.6.1)
    Microsoft.AspNetCore.JsonPatch (1.1)
      NETStandard.Library (>= 1.6.1)
      Newtonsoft.Json (>= 9.0.1)
    Microsoft.AspNetCore.Localization (1.1)
      Microsoft.AspNetCore.Http.Extensions (>= 1.1)
      Microsoft.Extensions.Globalization.CultureInfoCache (>= 1.1)
      Microsoft.Extensions.Localization.Abstractions (>= 1.1)
      Microsoft.Extensions.Options (>= 1.1)
      NETStandard.Library (>= 1.6.1)
    Microsoft.AspNetCore.Mvc (1.1)
      Microsoft.AspNetCore.Mvc.ApiExplorer (>= 1.1)
      Microsoft.AspNetCore.Mvc.Cors (>= 1.1)
      Microsoft.AspNetCore.Mvc.DataAnnotations (>= 1.1)
      Microsoft.AspNetCore.Mvc.Formatters.Json (>= 1.1)
      Microsoft.AspNetCore.Mvc.Localization (>= 1.1)
      Microsoft.AspNetCore.Mvc.Razor (>= 1.1)
      Microsoft.AspNetCore.Mvc.TagHelpers (>= 1.1)
      Microsoft.AspNetCore.Mvc.ViewFeatures (>= 1.1)
      Microsoft.Extensions.Caching.Memory (>= 1.1)
      Microsoft.Extensions.DependencyInjection (>= 1.1)
      NETStandard.Library (>= 1.6.1)
    Microsoft.AspNetCore.Mvc.Abstractions (1.1)
      Microsoft.AspNetCore.Routing.Abstractions (>= 1.1)
      Microsoft.Net.Http.Headers (>= 1.1)
      NETStandard.Library (>= 1.6.1)
    Microsoft.AspNetCore.Mvc.ApiExplorer (1.1)
      Microsoft.AspNetCore.Mvc.Core (>= 1.1)
      NETStandard.Library (>= 1.6.1)
    Microsoft.AspNetCore.Mvc.Core (1.1)
      Microsoft.AspNetCore.Authorization (>= 1.1)
      Microsoft.AspNetCore.Hosting.Abstractions (>= 1.1)
      Microsoft.AspNetCore.Http (>= 1.1)
      Microsoft.AspNetCore.Mvc.Abstractions (>= 1.1)
      Microsoft.AspNetCore.ResponseCaching.Abstractions (>= 1.1)
      Microsoft.AspNetCore.Routing (>= 1.1)
      Microsoft.Extensions.DependencyModel (>= 1.1)
      Microsoft.Extensions.FileProviders.Abstractions (>= 1.1)
      Microsoft.Extensions.Logging.Abstractions (>= 1.1)
      Microsoft.Extensions.PlatformAbstractions (>= 1.1)
      NETStandard.Library (>= 1.6.1)
      System.Buffers (>= 4.3)
      System.Diagnostics.DiagnosticSource (>= 4.3)
    Microsoft.AspNetCore.Mvc.Cors (1.1)
      Microsoft.AspNetCore.Cors (>= 1.1)
      Microsoft.AspNetCore.Mvc.Core (>= 1.1)
      NETStandard.Library (>= 1.6.1)
    Microsoft.AspNetCore.Mvc.DataAnnotations (1.1)
      Microsoft.AspNetCore.Mvc.Core (>= 1.1)
      Microsoft.Extensions.Localization (>= 1.1)
      NETStandard.Library (>= 1.6.1)
    Microsoft.AspNetCore.Mvc.Formatters.Json (1.1)
      Microsoft.AspNetCore.JsonPatch (>= 1.1)
      Microsoft.AspNetCore.Mvc.Core (>= 1.1)
      NETStandard.Library (>= 1.6.1)
    Microsoft.AspNetCore.Mvc.Localization (1.1)
      Microsoft.AspNetCore.Localization (>= 1.1)
      Microsoft.AspNetCore.Mvc.Razor (>= 1.1)
      Microsoft.Extensions.DependencyInjection (>= 1.1)
      Microsoft.Extensions.Localization (>= 1.1)
      NETStandard.Library (>= 1.6.1)
    Microsoft.AspNetCore.Mvc.Razor (1.1)
      Microsoft.AspNetCore.Mvc.Razor.Host (>= 1.1)
      Microsoft.AspNetCore.Mvc.ViewFeatures (>= 1.1)
      Microsoft.CodeAnalysis.CSharp (>= 1.3)
      Microsoft.Extensions.FileProviders.Composite (>= 1.1)
      NETStandard.Library (>= 1.6.1)
    Microsoft.AspNetCore.Mvc.Razor.Host (1.1)
      Microsoft.AspNetCore.Razor.Runtime (>= 1.1)
      Microsoft.Extensions.Caching.Memory (>= 1.1)
      Microsoft.Extensions.FileProviders.Physical (>= 1.1)
      NETStandard.Library (>= 1.6.1)
    Microsoft.AspNetCore.Mvc.TagHelpers (1.1)
      Microsoft.AspNetCore.Mvc.Razor (>= 1.1)
      Microsoft.AspNetCore.Routing.Abstractions (>= 1.1)
      Microsoft.Extensions.Caching.Memory (>= 1.1)
      Microsoft.Extensions.FileSystemGlobbing (>= 1.1)
      Microsoft.Extensions.Primitives (>= 1.1)
      NETStandard.Library (>= 1.6.1)
    Microsoft.AspNetCore.Mvc.ViewFeatures (1.1)
      Microsoft.AspNetCore.Antiforgery (>= 1.1)
      Microsoft.AspNetCore.Diagnostics.Abstractions (>= 1.1)
      Microsoft.AspNetCore.Html.Abstractions (>= 1.1)
      Microsoft.AspNetCore.Mvc.Core (>= 1.1)
      Microsoft.AspNetCore.Mvc.DataAnnotations (>= 1.1)
      Microsoft.AspNetCore.Mvc.Formatters.Json (>= 1.1)
      Microsoft.Extensions.WebEncoders (>= 1.1)
      NETStandard.Library (>= 1.6.1)
      Newtonsoft.Json (>= 9.0.1)
      System.Buffers (>= 4.3)
    Microsoft.AspNetCore.Razor (1.1)
      NETStandard.Library (>= 1.6.1)
    Microsoft.AspNetCore.Razor.Runtime (1.1)
      Microsoft.AspNetCore.Html.Abstractions (>= 1.1)
      Microsoft.AspNetCore.Razor (>= 1.1)
      NETStandard.Library (>= 1.6.1)
    Microsoft.AspNetCore.ResponseCaching.Abstractions (1.1)
      Microsoft.Extensions.Primitives (>= 1.1)
    Microsoft.AspNetCore.Routing (1.1)
      Microsoft.AspNetCore.Http.Extensions (>= 1.1)
      Microsoft.AspNetCore.Routing.Abstractions (>= 1.1)
      Microsoft.Extensions.Logging.Abstractions (>= 1.1)
      Microsoft.Extensions.ObjectPool (>= 1.1)
      Microsoft.Extensions.Options (>= 1.1)
      NETStandard.Library (>= 1.6.1)
    Microsoft.AspNetCore.Routing.Abstractions (1.1)
      Microsoft.AspNetCore.Http.Abstractions (>= 1.1)
      NETStandard.Library (>= 1.6.1)
    Microsoft.AspNetCore.Server.SocketHttpListener (1.0.8)
      Microsoft.AspNetCore.Hosting (>= 1.0)
      SocketHttpListener (>= 1.0.50)
    Microsoft.AspNetCore.StaticFiles (1.1)
      Microsoft.AspNetCore.Hosting.Abstractions (>= 1.1)
      Microsoft.AspNetCore.Http.Extensions (>= 1.1)
      Microsoft.Extensions.FileProviders.Abstractions (>= 1.1)
      Microsoft.Extensions.Logging.Abstractions (>= 1.1)
      Microsoft.Extensions.WebEncoders (>= 1.1)
      NETStandard.Library (>= 1.6.1)
    Microsoft.AspNetCore.TestHost (1.1)
      Microsoft.AspNetCore.Hosting (>= 1.1)
      NETStandard.Library (>= 1.6.1)
    Microsoft.AspNetCore.WebUtilities (1.1.1)
      Microsoft.Extensions.Primitives (>= 1.1)
      Microsoft.Net.Http.Headers (>= 1.1.1)
      NETStandard.Library (>= 1.6.1)
      System.Buffers (>= 4.3)
      System.Text.Encodings.Web (>= 4.3)
    Microsoft.CodeAnalysis.Analyzers (1.1)
    Microsoft.CodeAnalysis.Common (1.3.2)
      Microsoft.CodeAnalysis.Analyzers (>= 1.1)
      System.Collections.Immutable (>= 1.1.37)
      System.Reflection.Metadata (>= 1.2)
    Microsoft.CodeAnalysis.CSharp (1.3.2)
      Microsoft.CodeAnalysis.Common (1.3.2)
    Microsoft.DotNet.PlatformAbstractions (1.1)
    Microsoft.Extensions.Caching.Abstractions (1.1)
    Microsoft.Extensions.Caching.Memory (1.1)
      Microsoft.Extensions.Caching.Abstractions (>= 1.1)
      Microsoft.Extensions.DependencyInjection.Abstractions (>= 1.1)
      Microsoft.Extensions.Options (>= 1.1)
      NETStandard.Library (>= 1.6.1)
    Microsoft.Extensions.Configuration (1.1.1)
      Microsoft.Extensions.Configuration.Abstractions (>= 1.1.1)
      NETStandard.Library (>= 1.6.1)
    Microsoft.Extensions.Configuration.Abstractions (1.1.1)
    Microsoft.Extensions.Configuration.Binder (1.1)
      Microsoft.Extensions.Configuration (>= 1.1)
      NETStandard.Library (>= 1.6.1)
      System.ComponentModel.TypeConverter (>= 4.3)
    Microsoft.Extensions.Configuration.CommandLine (1.1)
      Microsoft.Extensions.Configuration (>= 1.1)
      NETStandard.Library (>= 1.6.1)
    Microsoft.Extensions.Configuration.EnvironmentVariables (1.1.1)
      Microsoft.Extensions.Configuration (>= 1.1.1)
      NETStandard.Library (>= 1.6.1)
    Microsoft.Extensions.Configuration.FileExtensions (1.1)
      Microsoft.Extensions.Configuration (>= 1.1)
      Microsoft.Extensions.FileProviders.Physical (>= 1.1)
      NETStandard.Library (>= 1.6.1)
    Microsoft.Extensions.Configuration.Json (1.1)
      Microsoft.Extensions.Configuration (>= 1.1)
      Microsoft.Extensions.Configuration.FileExtensions (>= 1.1)
      NETStandard.Library (>= 1.6.1)
      Newtonsoft.Json (>= 9.0.1)
    Microsoft.Extensions.DependencyInjection (1.1)
      Microsoft.Extensions.DependencyInjection.Abstractions (>= 1.1)
      NETStandard.Library (>= 1.6.1)
    Microsoft.Extensions.DependencyInjection.Abstractions (1.1)
    Microsoft.Extensions.DependencyModel (1.1)
      Microsoft.DotNet.PlatformAbstractions (>= 1.1)
      Newtonsoft.Json (>= 9.0.1)
    Microsoft.Extensions.FileProviders.Abstractions (1.1)
    Microsoft.Extensions.FileProviders.Composite (1.1)
    Microsoft.Extensions.FileProviders.Embedded (1.1)
      Microsoft.Extensions.FileProviders.Abstractions (>= 1.1)
      NETStandard.Library (>= 1.6.1)
    Microsoft.Extensions.FileProviders.Physical (1.1)
      Microsoft.Extensions.FileProviders.Abstractions (>= 1.1)
      Microsoft.Extensions.FileSystemGlobbing (>= 1.1)
      NETStandard.Library (>= 1.6.1)
    Microsoft.Extensions.FileSystemGlobbing (1.1)
      NETStandard.Library (>= 1.6.1)
    Microsoft.Extensions.Globalization.CultureInfoCache (1.1)
      NETStandard.Library (>= 1.6.1)
    Microsoft.Extensions.Localization (1.1)
      Microsoft.AspNetCore.Hosting.Abstractions (>= 1.1)
      Microsoft.Extensions.DependencyInjection.Abstractions (>= 1.1)
      Microsoft.Extensions.Localization.Abstractions (>= 1.1)
      Microsoft.Extensions.Options (>= 1.1)
      NETStandard.Library (>= 1.6.1)
    Microsoft.Extensions.Localization.Abstractions (1.1)
    Microsoft.Extensions.Logging (1.1.1)
      Microsoft.Extensions.DependencyInjection.Abstractions (>= 1.1)
      Microsoft.Extensions.Logging.Abstractions (>= 1.1.1)
      NETStandard.Library (>= 1.6.1)
    Microsoft.Extensions.Logging.Abstractions (1.1.1)
      NETStandard.Library (>= 1.6.1)
    Microsoft.Extensions.Logging.Console (1.1)
      Microsoft.Extensions.Configuration.Abstractions (>= 1.1)
      Microsoft.Extensions.Logging.Abstractions (>= 1.1)
      NETStandard.Library (>= 1.6.1)
    Microsoft.Extensions.Logging.Debug (1.1)
      Microsoft.Extensions.Logging.Abstractions (>= 1.1)
      NETStandard.Library (>= 1.6.1)
    Microsoft.Extensions.ObjectPool (1.1)
      NETStandard.Library (>= 1.6.1)
    Microsoft.Extensions.Options (1.1.1)
    Microsoft.Extensions.Options.ConfigurationExtensions (1.1)
      Microsoft.Extensions.Configuration.Abstractions (>= 1.1)
      Microsoft.Extensions.Configuration.Binder (>= 1.1)
      Microsoft.Extensions.DependencyInjection.Abstractions (>= 1.1)
      Microsoft.Extensions.Options (>= 1.1)
      NETStandard.Library (>= 1.6.1)
    Microsoft.Extensions.PlatformAbstractions (1.1)
      NETStandard.Library (>= 1.6.1)
    Microsoft.Extensions.Primitives (1.1)
    Microsoft.Extensions.WebEncoders (1.1)
    Microsoft.Net.Http.Headers (1.1.1)
      Microsoft.Extensions.Primitives (>= 1.1)
      NETStandard.Library (>= 1.6.1)
      System.Buffers (>= 4.3)
      System.Diagnostics.Contracts (>= 4.3)
    Minimatch (2.0)
    Moment.js (2.17.1)
    Moq (4.5.28)
      Castle.Core (>= 3.3.3)
    NETStandard.Library (1.6.1)
      System.Collections.Concurrent (>= 4.3)
      System.Diagnostics.Tracing (>= 4.3)
      System.IO.Compression (>= 4.3)
      System.Net.Http (>= 4.3)
      System.Runtime.InteropServices (>= 4.3)
      System.Runtime.InteropServices.RuntimeInformation (>= 4.3)
      System.Runtime.Numerics (>= 4.3)
      System.Threading.Timer (>= 4.3)
    Newtonsoft.Json (9.0.1)
    NJsonSchema (5.16.6156.29215)
      Newtonsoft.Json (>= 9.0.1)
    Npgsql (3.1.9)
    NSwag.Core (7.1.6162.22205)
      NJsonSchema (>= 5.16.6156.29215)
    NUnit (3.5)
    Patterns.Logging (1.0.0.7)
    Selenium.Support (3.0.1)
      Selenium.WebDriver (>= 3.0.1)
    Selenium.WebDriver (3.0.1)
    Serilog (2.3)
    Serilog.Enrichers.Thread (3.0)
      Serilog (>= 2.0)
    Serilog.Extensions.Logging (1.3)
    Serilog.Settings.Configuration (2.2)
      Microsoft.Extensions.Configuration.Abstractions (>= 1.0)
      Microsoft.Extensions.DependencyModel (>= 1.0)
      Serilog (>= 2.0)
      System.Runtime (>= 4.0.10)
    Serilog.Sinks.ColoredConsole (2.0)
      Serilog (>= 2.0)
    Serilog.Sinks.Literate (2.0)
      Serilog (>= 2.0)
    ServiceStack.Common (4.5.6)
      ServiceStack.Interfaces (>= 4.5.6)
      ServiceStack.Text (>= 4.5.6)
    ServiceStack.Interfaces (4.5.6)
    ServiceStack.OrmLite (4.5.6)
      ServiceStack.Common (>= 4.5.6)
    ServiceStack.OrmLite.PostgreSQL (4.5.6)
      Npgsql (>= 3.1.9)
      ServiceStack.OrmLite (>= 4.5.6)
    ServiceStack.Text (4.5.6)
    SocketHttpListener (1.0.50)
      Patterns.Logging (>= 1.0.0.7)
    Swashbuckle (6.0.0-beta902)
      Swashbuckle.Swagger (>= 6.0.0-beta902)
      Swashbuckle.SwaggerGen (>= 6.0.0-beta902)
      Swashbuckle.SwaggerUi (>= 6.0.0-beta902)
    Swashbuckle.Swagger (6.0.0-beta902)
      Microsoft.AspNetCore.Mvc.Core (>= 1.0)
      Microsoft.AspNetCore.Mvc.Formatters.Json (>= 1.0)
    Swashbuckle.SwaggerGen (6.0.0-beta902)
      Microsoft.AspNetCore.Mvc.ApiExplorer (>= 1.0)
      Microsoft.AspNetCore.Mvc.Core (>= 1.0)
      Microsoft.AspNetCore.Mvc.DataAnnotations (>= 1.0)
      Swashbuckle.Swagger (>= 6.0.0-beta902)
    Swashbuckle.SwaggerUi (6.0.0-beta902)
      Microsoft.AspNetCore.Mvc.Core (>= 1.0)
      Microsoft.AspNetCore.StaticFiles (>= 1.0)
      Microsoft.Extensions.FileProviders.Embedded (>= 1.0)
    System.Buffers (4.3)
    System.Collections.Concurrent (4.3)
    System.Collections.Immutable (1.3.1)
    System.ComponentModel.TypeConverter (4.3)
    System.Diagnostics.Contracts (4.3)
    System.Diagnostics.DiagnosticSource (4.3)
    System.Diagnostics.Tracing (4.3)
    System.IO.Compression (4.3)
    System.Net.Http (4.3.1)
    System.Reflection.Metadata (1.4.2)
      System.Collections.Immutable (>= 1.3.1)
    System.Runtime (4.3)
    System.Runtime.CompilerServices.Unsafe (4.3)
    System.Runtime.InteropServices (4.3)
    System.Runtime.InteropServices.RuntimeInformation (4.3)
    System.Runtime.Numerics (4.3)
    System.Text.Encodings.Web (4.3)
    System.Threading.Timer (4.3)
HTTP
  remote: http://jenkins.int.dejavusecurity.com
    nvdcve-2.0-2002.xml.gz (/userContent/nvdcve-2.0-2002.xml.gz)
    nvdcve-2.0-2003.xml.gz (/userContent/nvdcve-2.0-2003.xml.gz)
    nvdcve-2.0-2004.xml.gz (/userContent/nvdcve-2.0-2004.xml.gz)
    nvdcve-2.0-2005.xml.gz (/userContent/nvdcve-2.0-2005.xml.gz)
    nvdcve-2.0-2006.xml.gz (/userContent/nvdcve-2.0-2006.xml.gz)
    nvdcve-2.0-2007.xml.gz (/userContent/nvdcve-2.0-2007.xml.gz)
    nvdcve-2.0-2008.xml.gz (/userContent/nvdcve-2.0-2008.xml.gz)
    nvdcve-2.0-2009.xml.gz (/userContent/nvdcve-2.0-2009.xml.gz)
    nvdcve-2.0-2010.xml.gz (/userContent/nvdcve-2.0-2010.xml.gz)
    nvdcve-2.0-2011.xml.gz (/userContent/nvdcve-2.0-2011.xml.gz)
    nvdcve-2.0-2012.xml.gz (/userContent/nvdcve-2.0-2012.xml.gz)
    nvdcve-2.0-2013.xml.gz (/userContent/nvdcve-2.0-2013.xml.gz)
    nvdcve-2.0-2014.xml.gz (/userContent/nvdcve-2.0-2014.xml.gz)
    nvdcve-2.0-2015.xml.gz (/userContent/nvdcve-2.0-2015.xml.gz)
    nvdcve-2.0-2016.xml.gz (/userContent/nvdcve-2.0-2016.xml.gz)
    nvdcve-2.0-2017.xml.gz (/userContent/nvdcve-2.0-2017.xml.gz)